GEM
  remote: https://rubygems.org/
  specs:
    net-http-pipeline (1.0.1)

PLATFORMS
  ruby

DEPENDENCIES
  net-http-pipeline
